GEM
  remote: http://rubygems.org/
  specs:
    backports (3.18.2)
    builder (3.2.4)
    childprocess (3.0.0)
    cucumber (3.2.0)
      builder (>= 2.1.2)
      cucumber-core (~> 3.2.0)
      cucumber-expressions (~> 6.0.1)
      cucumber-wire (~> 0.0.1)
      diff-lcs (~> 1.3)
      gherkin (~> 5.1.0)
      multi_json (>= 1.7.5, < 2.0)
      multi_test (>= 0.1.2)
    cucumber-core (3.2.1)
      backports (>= 3.8.0)
      cucumber-tag_expressions (~> 1.1.0)
      gherkin (~> 5.0)
    cucumber-expressions (6.0.1)
    cucumber-tag_expressions (1.1.1)
    cucumber-wire (0.0.1)
    deep_merge (1.2.1)
    diff-lcs (1.4.4)
    facets (3.1.0)
    faraday (0.17.3)
      multipart-post (>= 1.2, < 3)
    faraday_json (0.1.4)
      faraday (~> 0.10)
    faraday_middleware (0.14.0)
      faraday (>= 0.7.4, < 1.0)
    ffi (1.13.1-x64-mingw32)
    gherkin (5.1.0)
    lapis_lazuli (2.2.0)
      cucumber (>= 2.0, < 4.0)
      deep_merge (~> 1.2)
      facets (~> 3.1)
      faraday_json (~> 0.1)
      faraday_middleware (~> 0.13)
      ffi (~> 1.11)
      minitest (~> 5.11)
      multi_xml (~> 0.6)
      selenium-webdriver (>= 2.0, < 4)
      teelogger (~> 0.5)
      thor (~> 0.20)
      watir (~> 6)
    minitest (5.14.2)
    multi_json (1.15.0)
    multi_test (0.1.2)
    multi_xml (0.6.0)
    multipart-post (2.1.1)
    regexp_parser (1.7.1)
    require_all (1.5.0)
    rubyzip (2.3.0)
    selenium-webdriver (3.142.7)
      childprocess (>= 0.5, < 4.0)
      rubyzip (>= 1.2.2)
    tai64 (0.0.5)
    teelogger (0.5.1)
      require_all (~> 1.3)
      tai64 (~> 0.0)
    thor (0.20.3)
    watir (6.17.0)
      regexp_parser (~> 1.2)
      selenium-webdriver (~> 3.6)

PLATFORMS
  x64-mingw32

DEPENDENCIES
  lapis_lazuli (= 2.2.0)

BUNDLED WITH
   2.1.4
